GEM
  remote: https://rubygems.org/
  specs:
    diff-lcs (1.2.5)
    faker (1.4.1)
      i18n (~> 0.5)
    hashie (2.1.2)
    i18n (0.6.9)
    multi_json (1.10.1)
    rspec (3.0.0)
      rspec-core (~> 3.0.0)
      rspec-expectations (~> 3.0.0)
      rspec-mocks (~> 3.0.0)
    rspec-core (3.0.2)
      rspec-support (~> 3.0.0)
    rspec-expectations (3.0.2)
      diff-lcs (>= 1.2.0, < 2.0)
      rspec-support (~> 3.0.0)
    rspec-mocks (3.0.2)
      rspec-support (~> 3.0.0)
    rspec-support (3.0.2)
    simplecov (0.7.1)
      multi_json (~> 1.0)
      simplecov-html (~> 0.7.1)
    simplecov-html (0.7.1)
    timecop (0.7.1)
    yajl-ruby (1.2.1)

PLATFORMS
  ruby

DEPENDENCIES
  faker
  hashie (~> 2.1.1)
  rspec
  simplecov (~> 0.7.1)
  timecop
  yajl-ruby (~> 1.2)
